GEM
  remote: http://rubygems.org/
  specs:
    albino (1.3.3)
      posix-spawn (>= 0.3.6)
    diff-lcs (1.1.2)
    git (1.2.5)
    github-markup (0.5.3)
    gollum (1.3.0)
      albino (~> 1.3.2)
      github-markup (>= 0.4.0, < 1.0.0)
      grit (~> 2.4.1)
      mustache (>= 0.11.2, < 1.0.0)
      nokogiri (~> 1.4)
      sanitize (~> 2.0.0)
      sinatra (~> 1.0)
    grit (2.4.1)
      diff-lcs (~> 1.1)
      mime-types (~> 1.15)
    jeweler (1.6.0)
      bundler (~> 1.0.0)
      git (>= 1.2.5)
      rake
    mime-types (1.16)
    mustache (0.99.4)
    mysql2 (0.3.2)
    nokogiri (1.4.4)
    polyglot (0.3.1)
    posix-spawn (0.3.6)
    rack (1.3.0)
    rake (0.9.0)
    rcov (0.9.9)
    sanitize (2.0.2)
      nokogiri (~> 1.4.4)
    shoulda (2.11.3)
    sinatra (1.2.6)
      rack (~> 1.1)
      tilt (>= 1.2.2, < 2.0)
    tilt (1.3.2)
    treetop (1.4.9)
      polyglot (>= 0.3.1)

PLATFORMS
  ruby

DEPENDENCIES
  bundler (~> 1.0.0)
  gollum
  jeweler (~> 1.6.0)
  mysql2
  rcov
  shoulda
  treetop
